GEM
  remote: http://gemcutter.org/
  specs:
    activemodel (3.1.0)
      activesupport (= 3.1.0)
      bcrypt-ruby (~> 3.0.0)
      builder (~> 3.0.0)
      i18n (~> 0.6)
    activerecord (3.1.0)
      activemodel (= 3.1.0)
      activesupport (= 3.1.0)
      arel (~> 2.2.1)
      tzinfo (~> 0.3.29)
    activerecord-jdbc-adapter (1.1.3)
    activerecord-jdbcmysql-adapter (1.1.3)
      activerecord-jdbc-adapter (= 1.1.3)
      jdbc-mysql (~> 5.1.0)
    activerecord-jdbcpostgresql-adapter (1.1.3)
      activerecord-jdbc-adapter (= 1.1.3)
      jdbc-postgres (~> 9.0.0)
    activesupport (3.1.0)
      multi_json (~> 1.0)
    arel (2.2.1)
    bcrypt-ruby (3.0.0)
    bcrypt-ruby (3.0.0-java)
    builder (3.0.0)
    i18n (0.6.0)
    jdbc-mysql (5.1.13)
    jdbc-postgres (9.0.801)
    multi_json (1.0.3)
    mysql (2.8.1)
    mysql2 (0.3.7)
    pg (0.11.0)
    rake (0.8.7)
    rspec (1.3.0)
    sqlite3 (1.3.4)
    tzinfo (0.3.29)

PLATFORMS
  java
  ruby

DEPENDENCIES
  activerecord
  activerecord-jdbcmysql-adapter
  activerecord-jdbcpostgresql-adapter
  activesupport
  mysql
  mysql2
  pg
  rake (= 0.8.7)
  rspec (~> 1.3.0)
  sqlite3
