GEM
  remote: https://rubygems.org/
  specs:
    ey_config (0.0.5)
    rake (12.3.3)

PLATFORMS
  ruby

DEPENDENCIES
  bundler
  ey_config
  rake

BUNDLED WITH
   1.3.6
