GEM
  remote: http://rubygems.org/
  specs:
    activemodel (3.0.10)
      activesupport (= 3.0.10)
      builder (~> 2.1.2)
      i18n (~> 0.5.0)
    activerecord (3.0.10)
      activemodel (= 3.0.10)
      activesupport (= 3.0.10)
      arel (~> 2.0.10)
      tzinfo (~> 0.3.23)
    activerecord-jdbc-adapter (1.1.3)
    activerecord-jdbcpostgresql-adapter (1.1.3)
      activerecord-jdbc-adapter (= 1.1.3)
      jdbc-postgres (~> 9.0.0)
    activesupport (3.0.10)
    arel (2.0.10)
    builder (2.1.2)
    i18n (0.5.0)
    jdbc-postgres (9.0.801)
    tzinfo (0.3.29)

PLATFORMS
  ruby

DEPENDENCIES
  activerecord
  activerecord-jdbcpostgresql-adapter
