GEM
  remote: https://rubygems.org/
  specs:
    ey_config (0.0.5)
    rake (0.9.2.2)

PLATFORMS
  ruby

DEPENDENCIES
  ey_config
  rake
